GEM
  remote: http://rubygems.org/
  specs:
    abstract (1.0.0)
    dbd-pg (0.3.9)
      dbi (>= 0.4.0)
      pg
    dbi (0.4.5)
      deprecated (= 2.0.1)
    deprecated (2.0.1)
    fluent-query (0.1.0)
      abstract (>= 1.0.0)
      hash-utils (>= 0.15.0)
      hashie (>= 1.0.0)
    fluent-query-dbi (0.1.0)
      fluent-query (>= 0.1.0)
      fluent-query-sql (>= 0.1.0)
    fluent-query-sql (0.1.0)
      abstract (>= 1.0.0)
      fluent-query (>= 0.1.0)
      hash-utils (>= 0.15.0)
    git (1.2.5)
    hash-utils (0.17.1)
    hashie (1.0.0)
    jeweler (1.6.3)
      bundler (~> 1.0)
      git (>= 1.2.5)
      rake
    pg (0.11.0)
    rake (0.9.2)

PLATFORMS
  ruby

DEPENDENCIES
  bundler (~> 1.0.13)
  dbd-pg (>= 0.3.9)
  fluent-query (>= 0.1.0)
  fluent-query-dbi (>= 0.1.0)
  fluent-query-sql (>= 0.1.0)
  hash-utils (>= 0.15.0)
  jeweler (~> 1.6.0)
